GEM
  remote: https://rubygems.org/
  specs:
    byebug (11.1.3)
    minitest (5.21.1)

PLATFORMS
  aarch64-linux
  ruby

DEPENDENCIES
  byebug
  minitest

BUNDLED WITH
   2.5.4
