GEM
  remote: https://rubygems.org/
  specs:
    byebug (11.1.3)
    dijkstra_trace (0.1.1)
    minitest (5.20.0)

PLATFORMS
  arm64-darwin-22

DEPENDENCIES
  byebug
  dijkstra_trace
  minitest

BUNDLED WITH
   2.4.14
